GEM
  remote: https://rubygems.org/
  specs:
    iodine (0.4.8)
      rack
    plezi (0.15.0)
      bundler (~> 1.14)
      iodine (~> 0.4)
      rack (>= 2.0.0)
    rack (2.0.3)

PLATFORMS
  ruby

DEPENDENCIES
  iodine
  plezi

BUNDLED WITH
   1.14.6
